GEM
  remote: https://rubygems.org/
  specs:
    smarter_csv (1.1.0)
    thor (0.19.1)

PLATFORMS
  ruby

DEPENDENCIES
  smarter_csv
  thor

BUNDLED WITH
   1.12.5
